GEM
  remote: https://rubygems.org/
  specs:
    docker-api (1.33.4)
      excon (>= 0.38.0)
      json
    excon (0.56.0)
    honeybadger (3.3.0)
    json (2.1.0)
    mustermann (1.0.0)
    puma (3.11.4)
    rack (2.0.3)
    rack-protection (2.0.0)
      rack
    sinatra (2.0.0)
      mustermann (~> 1.0)
      rack (~> 2.0)
      rack-protection (= 2.0.0)
      tilt (~> 2.0)
    tilt (2.0.7)

PLATFORMS
  ruby

DEPENDENCIES
  docker-api
  honeybadger (~> 3.1)
  puma
  sinatra

RUBY VERSION
   ruby 2.3.3p222

BUNDLED WITH
   1.16.1
