GEM
  remote: https://rubygems.org/
  specs:
    docker-api (1.33.4)
      excon (>= 0.38.0)
      json
    excon (0.56.0)
    file-tail (1.2.0)
      tins (~> 1.0)
    honeybadger (3.3.0)
    json (2.1.0)
    mustermann (1.0.3)
    parallel (1.12.1)
    puma (3.11.4)
    rack (2.0.7)
    rack-protection (2.0.5)
      rack
    sinatra (2.0.5)
      mustermann (~> 1.0)
      rack (~> 2.0)
      rack-protection (= 2.0.5)
      tilt (~> 2.0)
    tilt (2.0.9)
    tins (1.20.2)

PLATFORMS
  ruby

DEPENDENCIES
  docker-api
  file-tail
  honeybadger (~> 3.1)
  parallel
  puma
  rack (>= 2.0.6)
  sinatra (>= 2.0.2)

RUBY VERSION
   ruby 2.3.3p222

BUNDLED WITH
   1.16.1
