GEM
  remote: https://rubygems.org/
  specs:
    docker-api (2.2.0)
      excon (>= 0.47.0)
      multi_json
    excon (0.92.5)
    file-tail (1.2.0)
      tins (~> 1.0)
    multi_json (1.15.0)
    mustermann (2.0.2)
      ruby2_keywords (~> 0.0.1)
    parallel (1.12.1)
    puma (3.11.4)
    rack (2.2.4)
    rack-protection (2.2.3)
      rack
    rackup (0.1.0)
      rack
      webrick
    ruby2_keywords (0.0.5)
    sinatra (2.2.3)
      mustermann (~> 2.0)
      rack (~> 2.2)
      rack-protection (= 2.2.3)
      tilt (~> 2.0)
    tilt (2.0.11)
    tins (1.20.2)
    webrick (1.7.0)

PLATFORMS
  ruby

DEPENDENCIES
  docker-api
  file-tail
  parallel
  puma
  rack (>= 2.0.6)
  rackup
  sinatra (>= 2.0.2)

RUBY VERSION
   ruby 2.7.6p219

BUNDLED WITH
   2.1.4
